GIT
  remote: git://github.com/chriseppstein/compass
  revision: 4a675fd7c7c336c5236819deef8bbe1b684bcdc7
  branch: master
  specs:
    compass (0.13.alpha.4.4a675fd)
      chunky_png (~> 1.2)
      listen (~> 1.0.0)
      sass (>= 3.2.5, < 3.4)

GIT
  remote: git://github.com/ericam/accoutrement
  revision: c9265399900c619191bc79cc5987a34ade747b50
  branch: master
  specs:
    accoutrement (0.0.5)
      compass (>= 0.12.2)

GEM
  remote: http://rubygems.org/
  specs:
    breakpoint (2.0.6)
      compass (>= 0.12.1)
      sass (>= 3.2.0)
    chunky_png (1.2.8)
    ffi (1.9.0)
    listen (1.0.3)
      rb-fsevent (>= 0.9.3)
      rb-inotify (>= 0.9)
      rb-kqueue (>= 0.2)
    modular-scale (1.0.6)
      compass (>= 0.12.1)
      sass (>= 3.2.0)
      sassy-math (>= 1.5)
    rb-fsevent (0.9.3)
    rb-inotify (0.9.1)
      ffi (>= 0.5.0)
    rb-kqueue (0.2.0)
      ffi (>= 0.5.0)
    sass (3.2.10)
    sassy-math (1.5)
      compass (~> 0.11)
    susy (2.0.0.alpha.4)
      compass (>= 0.12.2)
      sass (>= 3.2.0)

PLATFORMS
  ruby

DEPENDENCIES
  accoutrement!
  breakpoint (~> 2.0.6)
  compass!
  modular-scale (~> 1.0.2)
  sass (~> 3.2.10)
  susy (= 2.0.0.alpha.4)
